GIT
  remote: https://github.com/aaaa777/ruby.wasm.git
  revision: 1de6f735b13f198105b4b52304b5979f4205f00d
  branch: patch/vfs
  specs:
    ruby_wasm (2.7.1.dev)

PATH
  remote: gems/js
  specs:
    js (2.7.1.dev)

GEM
  remote: https://rubygems.org/
  specs:

PLATFORMS
  x86_64-linux

DEPENDENCIES
  js!
  ruby_wasm!

BUNDLED WITH
   2.4.22
